GEM
  remote: https://rubygems.org/
  specs:
    base64 (0.2.0)
    bson (5.0.0)
    diff-lcs (1.5.1)
    jwe (0.4.0)
    jwt (2.8.2)
      base64
    mongo (2.20.0)
      bson (>= 4.14.1, < 6.0.0)
    rspec (3.13.0)
      rspec-core (~> 3.13.0)
      rspec-expectations (~> 3.13.0)
      rspec-mocks (~> 3.13.0)
    rspec-core (3.13.0)
      rspec-support (~> 3.13.0)
    rspec-expectations (3.13.0)
      diff-lcs (>= 1.2.0, < 2.0)
      rspec-support (~> 3.13.0)
    rspec-mocks (3.13.1)
      diff-lcs (>= 1.2.0, < 2.0)
      rspec-support (~> 3.13.0)
    rspec-support (3.13.1)

PLATFORMS
  arm64-darwin-23
  ruby

DEPENDENCIES
  jwe
  jwt
  mongo
  rspec (~> 3.4)

BUNDLED WITH
   2.5.14
