GEM
  remote: https://rubygems.org/
  specs:
    base64 (0.2.0)
    bson (5.0.0)
    jwe (0.4.0)
    jwt (2.8.2)
      base64
    mongo (2.20.0)
      bson (>= 4.14.1, < 6.0.0)

PLATFORMS
  arm64-darwin-23
  ruby

DEPENDENCIES
  jwe
  jwt
  mongo

BUNDLED WITH
   2.5.14
