PATH
  remote: gems/date_time_utils
  specs:
    date_time_utils (1.0.0)

PATH
  remote: gems/github_client
  specs:
    github_client (1.0.0)
      faraday

PATH
  remote: gems/manipulation
  specs:
    manipulation (1.0.0)

PATH
  remote: gems/password_generator
  specs:
    password_generator (1.0.0)

GEM
  remote: https://rubygems.org/
  specs:
    activesupport (7.1.3.4)
      base64
      bigdecimal
      concurrent-ruby (~> 1.0, >= 1.0.2)
      connection_pool (>= 2.2.5)
      drb
      i18n (>= 1.6, < 2)
      minitest (>= 5.1)
      mutex_m
      tzinfo (~> 2.0)
    addressable (2.8.7)
      public_suffix (>= 2.0.2, < 7.0)
    base64 (0.2.0)
    bigdecimal (3.1.8)
    bson (5.0.0)
    byebug (11.1.3)
    codecov (0.4.3)
      simplecov (>= 0.15, < 0.22)
    concurrent-ruby (1.3.3)
    connection_pool (2.4.1)
    crack (1.0.0)
      bigdecimal
      rexml
    diff-lcs (1.5.1)
    docile (1.4.0)
    dotenv (2.8.1)
    drb (2.2.1)
    factory_bot (6.4.6)
      activesupport (>= 5.0.0)
    faraday (1.10.3)
      faraday-em_http (~> 1.0)
      faraday-em_synchrony (~> 1.0)
      faraday-excon (~> 1.1)
      faraday-httpclient (~> 1.0)
      faraday-multipart (~> 1.0)
      faraday-net_http (~> 1.0)
      faraday-net_http_persistent (~> 1.0)
      faraday-patron (~> 1.0)
      faraday-rack (~> 1.0)
      faraday-retry (~> 1.0)
      ruby2_keywords (>= 0.0.4)
    faraday-em_http (1.0.0)
    faraday-em_synchrony (1.0.0)
    faraday-excon (1.1.0)
    faraday-httpclient (1.0.1)
    faraday-multipart (1.0.4)
      multipart-post (~> 2)
    faraday-net_http (1.0.1)
    faraday-net_http_persistent (1.2.0)
    faraday-patron (1.0.0)
    faraday-rack (1.0.0)
    faraday-retry (1.0.3)
    hashdiff (1.1.0)
    i18n (1.14.5)
      concurrent-ruby (~> 1.0)
    jwe (0.4.0)
    jwt (2.8.2)
      base64
    minitest (5.24.1)
    mongo (2.20.0)
      bson (>= 4.14.1, < 6.0.0)
    multipart-post (2.4.1)
    mutex_m (0.2.0)
    public_suffix (6.0.0)
    rexml (3.3.0)
      strscan
    rspec (3.13.0)
      rspec-core (~> 3.13.0)
      rspec-expectations (~> 3.13.0)
      rspec-mocks (~> 3.13.0)
    rspec-core (3.13.0)
      rspec-support (~> 3.13.0)
    rspec-expectations (3.13.0)
      diff-lcs (>= 1.2.0, < 2.0)
      rspec-support (~> 3.13.0)
    rspec-mocks (3.13.1)
      diff-lcs (>= 1.2.0, < 2.0)
      rspec-support (~> 3.13.0)
    rspec-support (3.13.1)
    ruby2_keywords (0.0.5)
    simplecov (0.21.2)
      docile (~> 1.1)
      simplecov-html (~> 0.11)
      simplecov_json_formatter (~> 0.1)
    simplecov-html (0.12.3)
    simplecov_json_formatter (0.1.4)
    strscan (3.1.0)
    tzinfo (2.0.6)
      concurrent-ruby (~> 1.0)
    webmock (3.23.1)
      addressable (>= 2.8.0)
      crack (>= 0.3.2)
      hashdiff (>= 0.4.0, < 2.0.0)

PLATFORMS
  arm64-darwin-23
  ruby

DEPENDENCIES
  byebug
  codecov
  date_time_utils!
  dotenv
  factory_bot
  github_client!
  jwe
  jwt
  manipulation!
  mongo
  password_generator!
  rspec (~> 3.4)
  simplecov (< 0.22)
  webmock

BUNDLED WITH
   2.5.14
