GEM
  remote: https://rubygems.org/
  specs:
    activesupport (7.1.3.4)
      base64
      bigdecimal
      concurrent-ruby (~> 1.0, >= 1.0.2)
      connection_pool (>= 2.2.5)
      drb
      i18n (>= 1.6, < 2)
      minitest (>= 5.1)
      mutex_m
      tzinfo (~> 2.0)
    base64 (0.2.0)
    bigdecimal (3.1.8)
    bson (5.0.0)
    byebug (11.1.3)
    concurrent-ruby (1.3.3)
    connection_pool (2.4.1)
    diff-lcs (1.5.1)
    drb (2.2.1)
    factory_bot (6.4.6)
      activesupport (>= 5.0.0)
    i18n (1.14.5)
      concurrent-ruby (~> 1.0)
    jwe (0.4.0)
    jwt (2.8.2)
      base64
    minitest (5.24.1)
    mongo (2.20.0)
      bson (>= 4.14.1, < 6.0.0)
    mutex_m (0.2.0)
    rspec (3.13.0)
      rspec-core (~> 3.13.0)
      rspec-expectations (~> 3.13.0)
      rspec-mocks (~> 3.13.0)
    rspec-core (3.13.0)
      rspec-support (~> 3.13.0)
    rspec-expectations (3.13.0)
      diff-lcs (>= 1.2.0, < 2.0)
      rspec-support (~> 3.13.0)
    rspec-mocks (3.13.1)
      diff-lcs (>= 1.2.0, < 2.0)
      rspec-support (~> 3.13.0)
    rspec-support (3.13.1)
    tzinfo (2.0.6)
      concurrent-ruby (~> 1.0)

PLATFORMS
  arm64-darwin-23
  ruby

DEPENDENCIES
  byebug
  factory_bot
  jwe
  jwt
  mongo
  rspec (~> 3.4)

BUNDLED WITH
   2.5.14
