PATH
  remote: gems/date_time_utils
  specs:
    date_time_utils (1.0.0)

PATH
  remote: gems/manipulation
  specs:
    manipulation (1.0.0)

GEM
  remote: https://rubygems.org/
  specs:
    activesupport (7.1.3.4)
      base64
      bigdecimal
      concurrent-ruby (~> 1.0, >= 1.0.2)
      connection_pool (>= 2.2.5)
      drb
      i18n (>= 1.6, < 2)
      minitest (>= 5.1)
      mutex_m
      tzinfo (~> 2.0)
    base64 (0.2.0)
    bigdecimal (3.1.8)
    bson (5.0.0)
    byebug (11.1.3)
    concurrent-ruby (1.3.3)
    connection_pool (2.4.1)
    coveralls (0.7.2)
      multi_json (~> 1.3)
      rest-client (= 1.6.7)
      simplecov (>= 0.7)
      term-ansicolor (= 1.2.2)
      thor (= 0.18.1)
    diff-lcs (1.5.1)
    docile (1.4.0)
    drb (2.2.1)
    factory_bot (6.4.6)
      activesupport (>= 5.0.0)
    i18n (1.14.5)
      concurrent-ruby (~> 1.0)
    jwe (0.4.0)
    jwt (2.8.2)
      base64
    mime-types (3.5.2)
      mime-types-data (~> 3.2015)
    mime-types-data (3.2024.0702)
    minitest (5.24.1)
    mongo (2.20.0)
      bson (>= 4.14.1, < 6.0.0)
    multi_json (1.15.0)
    mutex_m (0.2.0)
    rest-client (1.6.7)
      mime-types (>= 1.16)
    rspec (3.13.0)
      rspec-core (~> 3.13.0)
      rspec-expectations (~> 3.13.0)
      rspec-mocks (~> 3.13.0)
    rspec-core (3.13.0)
      rspec-support (~> 3.13.0)
    rspec-expectations (3.13.0)
      diff-lcs (>= 1.2.0, < 2.0)
      rspec-support (~> 3.13.0)
    rspec-mocks (3.13.1)
      diff-lcs (>= 1.2.0, < 2.0)
      rspec-support (~> 3.13.0)
    rspec-support (3.13.1)
    simplecov (0.22.0)
      docile (~> 1.1)
      simplecov-html (~> 0.11)
      simplecov_json_formatter (~> 0.1)
    simplecov-html (0.12.3)
    simplecov_json_formatter (0.1.4)
    term-ansicolor (1.2.2)
      tins (~> 0.8)
    thor (0.18.1)
    tins (0.13.2)
    tzinfo (2.0.6)
      concurrent-ruby (~> 1.0)

PLATFORMS
  arm64-darwin-23
  ruby

DEPENDENCIES
  byebug
  coveralls
  date_time_utils!
  factory_bot
  jwe
  jwt
  manipulation!
  mongo
  rspec (~> 3.4)
  simplecov

BUNDLED WITH
   2.5.14
